GEM
  remote: https://rubygems.org/
  specs:
    kwalify (0.7.2)

PLATFORMS
  ruby

DEPENDENCIES
  kwalify (~> 0.7.2)
